PATH
  remote: .
  specs:
    serf-td-agent (0.0.1)

GEM
  remote: http://rubygems.org/
  specs:
    coderay (1.1.0)
    method_source (0.8.2)
    pry (0.9.12.6)
      coderay (~> 1.0)
      method_source (~> 0.8)
      slop (~> 3.4)
    pry-nav (0.2.3)
      pry (~> 0.9.10)
    rake (10.3.2)
    rake-compiler (0.9.2)
      rake
    slop (3.5.0)

PLATFORMS
  ruby

DEPENDENCIES
  pry
  pry-nav
  rake-compiler
  serf-td-agent!
